GIT
  remote: git://github.com/igrigorik/em-http-request.git
  revision: 4b8f38dbbaa91c5e9550084f8817a56083e48107
  specs:
    em-http-request (1.1.3)
      addressable (>= 2.3.4)
      cookiejar (<= 0.3.0)
      em-socksify (>= 0.3)
      eventmachine (>= 1.0.3)
      http_parser.rb (>= 0.6.0)

GIT
  remote: git://github.com/polyfox/moon-data_model.git
  revision: 1d0eebe139455fa0fc8e825d995e9977c5dd1c05
  specs:
    moon-data_model (1.0.1)
      activesupport (~> 4.2)
      moon-maybe_copy (~> 1.0)
      moon-prototype (~> 1.1)
      moon-serializable (~> 1.0)
      rake (~> 10.3)

GIT
  remote: git://github.com/polyfox/moon-maybe_copy.git
  revision: 9c59bb3497437af7132fb69e4fb546491a774f19
  specs:
    moon-maybe_copy (1.1.0)
      rake (~> 10.3)

GIT
  remote: git://github.com/polyfox/moon-prototype.git
  revision: e88f8393e5a549440479b0f1a9623a4b3b8bd3f1
  specs:
    moon-prototype (1.1.0)
      activesupport (~> 4.2)
      rake (~> 10.3)

GIT
  remote: git://github.com/polyfox/moon-repository.git
  revision: 10c2dc2a1678c0c70322f0af92f45c26d7d62838
  specs:
    moon-repository (1.1.0)
      activesupport (~> 4.2)

GIT
  remote: git://github.com/polyfox/moon-serializable.git
  revision: 3fc2557851b3335f5e67137642fdcbcee07896d1
  specs:
    moon-serializable (1.0.0)
      moon-prototype (~> 1.0)
      rake (~> 10.3)

PATH
  remote: .
  specs:
    scarlet (1.7.0)

GEM
  remote: https://rubygems.org/
  specs:
    activesupport (4.2.5)
      i18n (~> 0.7)
      json (~> 1.7, >= 1.7.7)
      minitest (~> 5.1)
      thread_safe (~> 0.3, >= 0.3.4)
      tzinfo (~> 1.1)
    addressable (2.3.8)
    calc (1.0.0)
    chronic (0.10.2)
    codeclimate-test-reporter (0.4.8)
      simplecov (>= 0.7.1, < 1.0.0)
    colorize (0.7.7)
    cookiejar (0.3.0)
    diff-lcs (1.2.5)
    docile (1.1.5)
    em-socksify (0.3.1)
      eventmachine (>= 1.0.0.beta.4)
    em-throttled_queue (1.1.1)
      eventmachine
    eventmachine (1.0.9.1)
    faraday (0.9.2)
      multipart-post (>= 1.2, < 3)
    http_parser.rb (0.6.0)
    i18n (0.7.0)
    json (1.8.3)
    lorem (0.1.2)
    mini_portile2 (2.0.0)
    minitest (5.8.3)
    multi_json (1.11.2)
    multipart-post (2.0.0)
    nokogiri (1.6.7.1)
      mini_portile2 (~> 2.0.0.rc2)
    octokit (3.8.0)
      sawyer (~> 0.6.0, >= 0.5.3)
    rake (10.5.0)
    rspec (3.4.0)
      rspec-core (~> 3.4.0)
      rspec-expectations (~> 3.4.0)
      rspec-mocks (~> 3.4.0)
    rspec-core (3.4.1)
      rspec-support (~> 3.4.0)
    rspec-expectations (3.4.0)
      diff-lcs (>= 1.2.0, < 2.0)
      rspec-support (~> 3.4.0)
    rspec-mocks (3.4.1)
      diff-lcs (>= 1.2.0, < 2.0)
      rspec-support (~> 3.4.0)
    rspec-support (3.4.1)
    rufus-scheduler (3.2.0)
    sawyer (0.6.0)
      addressable (~> 2.3.5)
      faraday (~> 0.8, < 0.10)
    simplecov (0.11.1)
      docile (~> 1.1.0)
      json (~> 1.8)
      simplecov-html (~> 0.10.0)
    simplecov-html (0.10.0)
    thread_safe (0.3.5)
    time-lord (1.0.1)
    tzinfo (1.2.2)
      thread_safe (~> 0.1)
    yajl-ruby (1.2.1)
    yard (0.8.7.6)
    yard-delegate (0.0.1)
      yard

PLATFORMS
  ruby

DEPENDENCIES
  activesupport (>= 4.2.2)
  calc
  chronic
  codeclimate-test-reporter
  colorize
  em-http-request!
  em-throttled_queue
  eventmachine
  lorem
  moon-data_model (>= 1.0.1)!
  moon-maybe_copy (>= 1.1.0)!
  moon-prototype!
  moon-repository!
  moon-serializable!
  multi_json
  nokogiri
  octokit (~> 3.0)
  rspec
  rufus-scheduler
  scarlet!
  simplecov
  thread_safe
  time-lord
  yajl-ruby
  yard
  yard-delegate

BUNDLED WITH
   1.11.2
